GEM
  remote: https://rubygems.org/
  specs:
    haml (6.1.1)
      temple (>= 0.8.2)
      thor
      tilt
    logger (1.5.3)
    mustermann (3.0.0)
      ruby2_keywords (~> 0.0.1)
    nio4r (2.5.9)
    nokogiri (1.15.3-arm64-darwin)
      racc (~> 1.4)
    puma (6.3.0)
      nio4r (~> 2.0)
    racc (1.7.1)
    rack (2.2.7)
    rack-protection (3.0.6)
      rack
    ruby2_keywords (0.0.5)
    sequel (5.70.0)
    sinatra (3.0.6)
      mustermann (~> 3.0)
      rack (~> 2.2, >= 2.2.4)
      rack-protection (= 3.0.6)
      tilt (~> 2.0)
    sqlite3 (1.6.3-arm64-darwin)
    temple (0.10.2)
    thor (1.2.2)
    tilt (2.2.0)

PLATFORMS
  arm64-darwin-22

DEPENDENCIES
  haml
  logger
  nokogiri
  puma
  sequel
  sinatra
  sqlite3

RUBY VERSION
   ruby 3.0.5p211

BUNDLED WITH
   2.4.17
